GEM
  remote: http://rubygems.org/
  specs:
    bson (1.5.2)
    json (1.6.5)
    mongo (1.5.2)
      bson (= 1.5.2)
    rack (1.4.0)
    rack-protection (1.2.0)
      rack
    sinatra (1.3.2)
      rack (>= 1.3.6, ~> 1.3)
      rack-protection (~> 1.2)
      tilt (>= 1.3.3, ~> 1.3)
    tilt (1.3.3)

PLATFORMS
  x86-mingw32

DEPENDENCIES
  json
  mongo
  sinatra
